STORAGE: NONE
RESTRICTION: == netcoreapp3.1
NUGET
  remote: https://api.nuget.org/v3/index.json
    Aardvark.Application (5.2.5)
      Aardvark.Base.Essentials (>= 5.2.5 < 5.3)
      Aardvark.Base.Incremental (>= 5.2.5 < 5.3)
      Aardvark.Rendering (5.2.5)
      FShade.Core (>= 5.2.9 < 5.3)
      FShade.GLSL (>= 5.2.9)
      FSharp.Core (>= 5.0)
    Aardvark.Application.OpenVR (5.2.5)
      Aardvark.Application (5.2.5)
      Aardvark.Base.Essentials (>= 5.2.5 < 5.3)
      Aardvark.Base.Incremental (>= 5.2.5 < 5.3)
      Aardvark.Base.Tensors (>= 5.2.5 < 5.3)
      Aardvark.Rendering (5.2.5)
      Aardvark.Rendering.Text (5.2.5)
      Aardvark.SceneGraph (5.2.5)
      FShade.Core (>= 5.2.9 < 5.3)
      FShade.GLSL (>= 5.2.9)
      FSharp.Core (>= 5.0)
      Unofficial.OpenVR (>= 1.1 < 1.2)
    Aardvark.Application.OpenVR.GL (5.2.5)
      Aardvark.Application (5.2.5)
      Aardvark.Application.OpenVR (5.2.5)
      Aardvark.Application.Slim (5.2.5)
      Aardvark.Application.Slim.GL (5.2.5)
      Aardvark.Base.Essentials (>= 5.2.5 < 5.3)
      Aardvark.Base.Incremental (>= 5.2.5 < 5.3)
      Aardvark.Base.Runtime (>= 5.2.5 < 5.3)
      Aardvark.Rendering (5.2.5)
      Aardvark.Rendering.GL (5.2.5)
      Aardvark.SceneGraph (5.2.5)
      FShade.Core (>= 5.2.9 < 5.3)
      FShade.GLSL (>= 5.2.9)
      FSharp.Core (>= 5.0)
      Unofficial.OpenTK (>= 3.0.19 < 3.1)
      Unofficial.OpenVR (>= 1.1 < 1.2)
    Aardvark.Application.OpenVR.Vulkan (5.2.5)
      Aardvark.Application (5.2.5)
      Aardvark.Application.OpenVR (5.2.5)
      Aardvark.Base.Essentials (>= 5.2.5 < 5.3)
      Aardvark.Base.Incremental (>= 5.2.5 < 5.3)
      Aardvark.Base.Runtime (>= 5.2.5 < 5.3)
      Aardvark.Rendering (5.2.5)
      Aardvark.Rendering.Vulkan (5.2.5)
      Aardvark.SceneGraph (5.2.5)
      FShade.Core (>= 5.2.9 < 5.3)
      FShade.GLSL (>= 5.2.9)
      FSharp.Core (>= 5.0)
      Unofficial.OpenVR (>= 1.1 < 1.2)
    Aardvark.Application.Slim (5.2.5)
      Aardvark.Application (5.2.5)
      Aardvark.Base.Essentials (>= 5.2.5 < 5.3)
      Aardvark.Base.Incremental (>= 5.2.5 < 5.3)
      Aardvark.Base.Runtime (>= 5.2.5 < 5.3)
      Aardvark.Rendering (5.2.5)
      FShade (>= 5.2.9 < 5.3)
      FSharp.Core (>= 5.0)
      Silk.NET.GLFW (2.12)
      Unofficial.OpenTK (>= 3.0.19 < 3.1)
    Aardvark.Application.Slim.GL (5.2.5)
      Aardvark.Application (5.2.5)
      Aardvark.Application.Slim (5.2.5)
      Aardvark.Base.Essentials (>= 5.2.5 < 5.3)
      Aardvark.Base.Incremental (>= 5.2.5 < 5.3)
      Aardvark.Base.Runtime (>= 5.2.5 < 5.3)
      Aardvark.Base.Tensors (>= 5.2.5 < 5.3)
      Aardvark.Rendering (5.2.5)
      Aardvark.Rendering.GL (5.2.5)
      FShade (>= 5.2.9 < 5.3)
      FSharp.Core (>= 5.0)
      Silk.NET.Core (2.12)
      Silk.NET.GLFW (2.12)
      Unofficial.OpenTK (>= 3.0.19 < 3.1)
    Aardvark.Application.Slim.Vulkan (5.2.5)
      Aardvark.Application (5.2.5)
      Aardvark.Application.Slim (5.2.5)
      Aardvark.Base.Essentials (>= 5.2.5 < 5.3)
      Aardvark.Base.Incremental (>= 5.2.5 < 5.3)
      Aardvark.Base.Runtime (>= 5.2.5 < 5.3)
      Aardvark.Rendering (5.2.5)
      Aardvark.Rendering.Vulkan (5.2.5)
      FShade (>= 5.2.9 < 5.3)
      FSharp.Core (>= 5.0)
      GLSLangSharp (>= 0.4.14 < 0.5)
      Silk.NET.GLFW (2.12)
      Unofficial.OpenTK (>= 3.0.19 < 3.1)
    Aardvark.Application.Utilities (5.2.5)
      Aardvark.Application (5.2.5)
      Aardvark.Application.OpenVR (5.2.5)
      Aardvark.Application.OpenVR.GL (5.2.5)
      Aardvark.Application.OpenVR.Vulkan (5.2.5)
      Aardvark.Application.Slim (5.2.5)
      Aardvark.Application.Slim.GL (5.2.5)
      Aardvark.Application.Slim.Vulkan (5.2.5)
      Aardvark.Base.Essentials (>= 5.2.5 < 5.3)
      Aardvark.Base.Incremental (>= 5.2.5 < 5.3)
      Aardvark.Base.Runtime (>= 5.2.5 < 5.3)
      Aardvark.Rendering (5.2.5)
      Aardvark.Rendering.GL (5.2.5)
      Aardvark.Rendering.Text (5.2.5)
      Aardvark.Rendering.Vulkan (5.2.5)
      Aardvark.SceneGraph (5.2.5)
      FShade.Core (>= 5.2.9 < 5.3)
      FShade.GLSL (>= 5.2.9)
      FSharp.Core (>= 5.0)
      Unofficial.OpenTK (>= 3.0.19 < 3.1)
      Unofficial.OpenVR (>= 1.1 < 1.2)
    Aardvark.Base (5.2.5)
      Aardvark.Base.Telemetry (5.2.5)
      System.Collections.Immutable (>= 5.0)
      System.Text.Json (>= 4.7.2)
    Aardvark.Base.Essentials (5.2.5)
      Aardvark.Base (5.2.5)
      System.Collections.Immutable (>= 5.0)
    Aardvark.Base.FSharp (5.2.5)
      Aardvark.Base (5.2.5)
      Aardvark.Base.TypeProviders (>= 4.5.15 < 4.6)
      FSharp.Core (>= 5.0)
      FSharp.Data.Adaptive (>= 1.2 < 1.3)
      FsPickler (>= 5.3.2 < 5.4)
      System.Dynamic.Runtime (>= 4.3 < 4.4)
    Aardvark.Base.Incremental (5.2.5)
      Aardvark.Base (5.2.5)
      Aardvark.Base.FSharp (5.2.5)
      Aardvark.Base.TypeProviders (>= 4.5.15 < 4.6)
      FSharp.Core (>= 5.0)
      FSharp.Data.Adaptive (>= 1.2 < 1.3)
      FsPickler (>= 5.3.2 < 5.4)
    Aardvark.Base.IO (5.2.5)
      Aardvark.Base (5.2.5)
      Aardvark.Base.Tensors (5.2.5)
      System.Dynamic.Runtime (>= 4.3 < 4.4)
    Aardvark.Base.Runtime (5.2.5)
      Aardvark.Base.FSharp (5.2.5)
      Aardvark.Base.Incremental (5.2.5)
      Aardvark.Base.TypeProviders (>= 4.5.15 < 4.6)
      FSharp.Core (>= 5.0)
      FSharp.Data.Adaptive (>= 1.2 < 1.3)
      FsPickler (>= 5.3.2 < 5.4)
    Aardvark.Base.Telemetry (5.2.5)
    Aardvark.Base.Tensors (5.2.5)
      Aardvark.Base (5.2.5)
      Aardvark.Base.FSharp (5.2.5)
      FSharp.Core (>= 5.0)
      SixLabors.ImageSharp (>= 2.0 < 2.1)
    Aardvark.Base.TypeProviders (4.5.15)
      FSharp.Core (>= 4.2.3)
    Aardvark.Data.Durable (0.3.1)
    Aardvark.Data.Durable.Codec (0.3.1)
      Aardvark.Base (>= 5.2.1 < 5.3)
      Aardvark.Data.Durable (0.3.1)
      FSharp.Core (>= 5.0)
    Aardvark.Data.E57 (5.2.3)
      Aardvark.Base (>= 5.2.2 < 5.3)
      Aardvark.Data.Points.Base (5.2.3)
      FSharp.Core (>= 5.0)
      System.Collections.Immutable (>= 6.0)
    Aardvark.Data.Points.Ascii (5.2.3)
      Aardvark.Base (>= 5.2.2 < 5.3)
      Aardvark.Data.Durable (>= 0.3)
      Aardvark.Data.Points.Base (5.2.3)
      FSharp.Core (>= 5.0)
    Aardvark.Data.Points.Base (5.2.3)
      Aardvark.Data.Durable.Codec (>= 0.3 < 0.4)
      Aardvark.Geometry.PointTree (5.2.3)
      System.Collections.Immutable (>= 6.0)
      Uncodium.SimpleStore (>= 3.0.10 < 3.1)
    Aardvark.Data.Points.LasZip (5.2.3)
      Aardvark.Base (>= 5.2.2 < 5.3)
      Aardvark.Data.Points.Base (5.2.3)
      Unofficial.laszip.netstandard (>= 2.2.1 < 2.3)
    Aardvark.Geometry (5.2.5)
      Aardvark.Base (5.2.5)
      Aardvark.Base.FSharp (5.2.5)
      Aardvark.Base.Tensors (5.2.5)
      Aardvark.Base.TypeProviders (>= 4.5.15 < 4.6)
      FSharp.Core (>= 5.0)
      FSharp.Data.Adaptive (>= 1.2 < 1.3)
      FsPickler (>= 5.3.2 < 5.4)
      Unofficial.LibTessDotNet (>= 2.0.2 < 2.1)
    Aardvark.Geometry.Normals (5.2.3)
      Aardvark.Geometry.PointTree (5.2.3)
      FSharp.Core (>= 5.0)
      Uncodium.Eigensystems (>= 1.1.2 < 1.2)
      Uncodium.SimpleStore (>= 3.0.10 < 3.1)
    Aardvark.Geometry.PointSet (5.2.3)
      Aardvark.Base (>= 5.2.2 < 5.3)
      Aardvark.Data.Durable.Codec (>= 0.3 < 0.4)
      Aardvark.Data.Points.Base (5.2.3)
      Aardvark.Geometry (>= 5.2.2 < 5.3)
      Aardvark.Geometry.Normals (5.2.3)
      Aardvark.Geometry.PointTree (5.2.3)
      System.Collections.Immutable (>= 6.0)
      Uncodium.Eigensystems (>= 1.1.2 < 1.2)
      Uncodium.SimpleStore (>= 3.0.10 < 3.1)
    Aardvark.Geometry.PointTree (5.2.3)
      Aardvark.Base.IO (>= 5.2.2 < 5.3)
    Aardvark.Geometry.Quadtree (0.4)
      Aardvark.Base (>= 5.2.2 < 5.3)
      Aardvark.Data.Durable (>= 0.3 < 1.0)
      Aardvark.Data.Durable.Codec (>= 0.3 < 1.0)
      FSharp.Core (>= 5.0)
      Newtonsoft.Json (>= 12.0)
      System.Collections.Immutable (>= 1.7)
      Uncodium.SimpleStore (>= 3.0.9 < 3.1)
    Aardvark.Reconstruction (0.1.11)
      Aardvark.Base (>= 5.2.2 < 5.3)
      Aardvark.Base.FSharp (>= 5.2.2 < 5.3)
      Aardvark.Base.Tensors (>= 5.2.2 < 5.3)
      FSharp.Data
      MetadataExtractor
      MiniCV (>= 1.1.8 < 1.2)
    Aardvark.Rendering (5.2.5)
      Aardvark.Base.Essentials (>= 5.2.5 < 5.3)
      Aardvark.Base.Incremental (>= 5.2.5 < 5.3)
      Aardvark.Base.Tensors (>= 5.2.5 < 5.3)
      FShade.Core (>= 5.2.9 < 5.3)
      FShade.GLSL (>= 5.2.9)
      FSharp.Core (>= 5.0)
      FSharp.Data.Adaptive (>= 1.2.6 < 1.3)
    Aardvark.Rendering.GL (5.2.5)
      Aardvark.Base.Essentials (>= 5.2.5 < 5.3)
      Aardvark.Base.Incremental (>= 5.2.5 < 5.3)
      Aardvark.Base.Runtime (>= 5.2.5 < 5.3)
      Aardvark.Base.Tensors (>= 5.2.5 < 5.3)
      Aardvark.Geometry (>= 5.2.5 < 5.3)
      Aardvark.Rendering (5.2.5)
      FShade (>= 5.2.9 < 5.3)
      FSharp.Core (>= 5.0)
      Unofficial.OpenTK (>= 3.0.19 < 3.1)
    Aardvark.Rendering.PointSet (5.2.3)
      Aardvark.Data.Durable (>= 0.3)
      Aardvark.Data.Points.Ascii (5.2.3)
      Aardvark.Data.Points.Base (5.2.3)
      Aardvark.Geometry.PointSet (5.2.3)
      Aardvark.Geometry.PointTree (5.2.3)
      Aardvark.Rendering.GL (>= 5.2.4)
      Aardvark.SceneGraph (>= 5.2.4)
      FShade (>= 5.2.8 < 5.3)
    Aardvark.Rendering.Text (5.2.5)
      Aardvark.Base.Incremental (>= 5.2.5 < 5.3)
      Aardvark.Rendering (5.2.5)
      Aardvark.SceneGraph (5.2.5)
      CommonMark.NET (>= 0.15.1 < 0.16)
      FShade.Core (>= 5.2.9 < 5.3)
      FShade.GLSL (>= 5.2.9)
      FSharp.Core (>= 5.0)
      Unofficial.LibTessDotNet (>= 2.0.2 < 2.1)
      Unofficial.Typography (>= 0.1 < 0.2)
    Aardvark.Rendering.Vulkan (5.2.5)
      Aardvark.Base.Incremental (>= 5.2.5 < 5.3)
      Aardvark.Base.Runtime (>= 5.2.5 < 5.3)
      Aardvark.Base.Tensors (>= 5.2.5 < 5.3)
      Aardvark.Rendering (5.2.5)
      FShade (>= 5.2.9 < 5.3)
      FSharp.Core (>= 5.0)
      GLSLangSharp (>= 0.4.14 < 0.5)
    Aardvark.SceneGraph (5.2.5)
      Aardvark.Base.Incremental (>= 5.2.5 < 5.3)
      Aardvark.Rendering (5.2.5)
      FShade.Core (>= 5.2.9 < 5.3)
      FShade.GLSL (>= 5.2.9)
      FSharp.Core (>= 5.0)
    Aardvark.SceneGraph.IO (5.2.5)
      Aardvark.Base.Incremental (>= 5.2.5 < 5.3)
      Aardvark.Base.Tensors (>= 5.2.5 < 5.3)
      Aardvark.Rendering (5.2.5)
      Aardvark.SceneGraph (5.2.5)
      AssimpNet (>= 5.0.0-beta1 < 5.1.0-beta)
      FShade.Core (>= 5.2.9 < 5.3)
      FShade.GLSL (>= 5.2.9)
      FSharp.Core (>= 5.0)
    AssimpNet (5.0.0-beta1)
      NETStandard.Library (>= 1.6.1)
    CommonMark.NET (0.15.1)
    FShade (5.2.9)
      FShade.Core (5.2.9)
      FShade.GLSL (5.2.9)
      FShade.Imperative (5.2.9)
      FShade.SpirV (5.2.9)
    FShade.Core (5.2.9)
      Aardvark.Base (>= 5.2 < 5.3)
      Aardvark.Base.FSharp (>= 5.2 < 5.3)
      FShade.Imperative (5.2.9)
      FSharp.Core (>= 5.0)
    FShade.GLSL (5.2.9)
      Aardvark.Base (>= 5.2 < 5.3)
      Aardvark.Base.FSharp (>= 5.2 < 5.3)
      FShade.Core (5.2.9)
      FShade.Imperative (5.2.9)
      FSharp.Core (>= 5.0)
    FShade.Imperative (5.2.9)
      Aardvark.Base (>= 5.2 < 5.3)
      Aardvark.Base.FSharp (>= 5.2 < 5.3)
      FSharp.Core (>= 5.0)
      FsPickler (>= 5.3.2 < 5.4)
    FShade.SpirV (5.2.9)
      Aardvark.Base (>= 5.2 < 5.3)
      Aardvark.Base.FSharp (>= 5.2 < 5.3)
      FShade.Core (5.2.9)
      FShade.Imperative (5.2.9)
      FSharp.Core (>= 5.0)
    FSharp.Core (5.0)
    FSharp.Data (4.2.8)
      FSharp.Core (>= 4.7.2)
    FSharp.Data.Adaptive (1.2.13)
      FSharp.Core (>= 4.7)
      System.Reflection.Emit.Lightweight (>= 4.6)
    FsPickler (5.3.2)
      FSharp.Core (>= 4.3.2)
      System.Reflection.Emit.Lightweight (>= 4.3)
    GLSLangSharp (0.4.14)
      FSharp.Core (>= 5.0)
    MetadataExtractor (2.7.2)
      System.Text.Encoding.CodePages (>= 4.5.1)
      XmpCore (>= 6.1.10.1)
    Microsoft.Bcl.AsyncInterfaces (6.0)
    Microsoft.CSharp (4.7)
    Microsoft.DotNet.PlatformAbstractions (3.1.6)
    Microsoft.Extensions.DependencyModel (5.0)
      System.Text.Encodings.Web (>= 5.0)
      System.Text.Json (>= 5.0)
    Microsoft.NETCore.Platforms (5.0.2)
    Microsoft.NETCore.Targets (5.0)
    MiniCV (1.1.11)
      Aardvark.Base (>= 5.2 < 5.3)
      Aardvark.Base.FSharp (>= 5.2 < 5.3)
      Aardvark.Base.Tensors (>= 5.2 < 5.3)
      FSharp.Core (>= 5.0)
    NETStandard.Library (2.0.3)
      Microsoft.NETCore.Platforms (>= 1.1)
    Newtonsoft.Json (13.0.1)
    Silk.NET.Core (2.12)
      Microsoft.CSharp (>= 4.7)
      Microsoft.DotNet.PlatformAbstractions (>= 3.1.6)
      Microsoft.Extensions.DependencyModel (>= 3.1.1)
      System.Memory (>= 4.5.4)
      System.Numerics.Vectors (>= 4.5)
      System.Runtime.CompilerServices.Unsafe (>= 4.7)
    Silk.NET.GLFW (2.12)
      Silk.NET.Core (>= 2.12)
      Ultz.Native.GLFW (>= 3.3.3.1)
    SixLabors.ImageSharp (2.0)
      System.Runtime.CompilerServices.Unsafe (>= 5.0)
      System.Text.Encoding.CodePages (>= 5.0)
    System.Collections (4.3)
      Microsoft.NETCore.Platforms (>= 1.1)
      Microsoft.NETCore.Targets (>= 1.1)
      System.Runtime (>= 4.3)
    System.Collections.Immutable (6.0)
      System.Memory (>= 4.5.4)
      System.Runtime.CompilerServices.Unsafe (>= 6.0)
    System.Diagnostics.Debug (4.3)
      Microsoft.NETCore.Platforms (>= 1.1)
      Microsoft.NETCore.Targets (>= 1.1)
      System.Runtime (>= 4.3)
    System.Dynamic.Runtime (4.3)
      System.Collections (>= 4.3)
      System.Diagnostics.Debug (>= 4.3)
      System.Linq (>= 4.3)
      System.Linq.Expressions (>= 4.3)
      System.ObjectModel (>= 4.3)
      System.Reflection (>= 4.3)
      System.Reflection.Emit (>= 4.3)
      System.Reflection.Emit.ILGeneration (>= 4.3)
      System.Reflection.Primitives (>= 4.3)
      System.Reflection.TypeExtensions (>= 4.3)
      System.Resources.ResourceManager (>= 4.3)
      System.Runtime (>= 4.3)
      System.Runtime.Extensions (>= 4.3)
      System.Threading (>= 4.3)
    System.Globalization (4.3)
      Microsoft.NETCore.Platforms (>= 1.1)
      Microsoft.NETCore.Targets (>= 1.1)
      System.Runtime (>= 4.3)
    System.IO (4.3)
      Microsoft.NETCore.Platforms (>= 1.1)
      Microsoft.NETCore.Targets (>= 1.1)
      System.Runtime (>= 4.3)
      System.Text.Encoding (>= 4.3)
      System.Threading.Tasks (>= 4.3)
    System.Linq (4.3)
      System.Collections (>= 4.3)
      System.Diagnostics.Debug (>= 4.3)
      System.Resources.ResourceManager (>= 4.3)
      System.Runtime (>= 4.3)
      System.Runtime.Extensions (>= 4.3)
    System.Linq.Expressions (4.3)
      System.Collections (>= 4.3)
      System.Diagnostics.Debug (>= 4.3)
      System.Globalization (>= 4.3)
      System.IO (>= 4.3)
      System.Linq (>= 4.3)
      System.ObjectModel (>= 4.3)
      System.Reflection (>= 4.3)
      System.Reflection.Emit (>= 4.3)
      System.Reflection.Emit.ILGeneration (>= 4.3)
      System.Reflection.Emit.Lightweight (>= 4.3)
      System.Reflection.Extensions (>= 4.3)
      System.Reflection.Primitives (>= 4.3)
      System.Reflection.TypeExtensions (>= 4.3)
      System.Resources.ResourceManager (>= 4.3)
      System.Runtime (>= 4.3)
      System.Runtime.Extensions (>= 4.3)
      System.Threading (>= 4.3)
    System.Memory (4.5.5)
    System.Numerics.Vectors (4.5)
    System.ObjectModel (4.3)
      System.Collections (>= 4.3)
      System.Diagnostics.Debug (>= 4.3)
      System.Resources.ResourceManager (>= 4.3)
      System.Runtime (>= 4.3)
      System.Threading (>= 4.3)
    System.Reflection (4.3)
      Microsoft.NETCore.Platforms (>= 1.1)
      Microsoft.NETCore.Targets (>= 1.1)
      System.IO (>= 4.3)
      System.Reflection.Primitives (>= 4.3)
      System.Runtime (>= 4.3)
    System.Reflection.Emit (4.7)
    System.Reflection.Emit.ILGeneration (4.7)
    System.Reflection.Emit.Lightweight (4.7)
    System.Reflection.Extensions (4.3)
      Microsoft.NETCore.Platforms (>= 1.1)
      Microsoft.NETCore.Targets (>= 1.1)
      System.Reflection (>= 4.3)
      System.Runtime (>= 4.3)
    System.Reflection.Primitives (4.3)
      Microsoft.NETCore.Platforms (>= 1.1)
      Microsoft.NETCore.Targets (>= 1.1)
      System.Runtime (>= 4.3)
    System.Reflection.TypeExtensions (4.7)
    System.Resources.ResourceManager (4.3)
      Microsoft.NETCore.Platforms (>= 1.1)
      Microsoft.NETCore.Targets (>= 1.1)
      System.Globalization (>= 4.3)
      System.Reflection (>= 4.3)
      System.Runtime (>= 4.3)
    System.Runtime (4.3.1)
      Microsoft.NETCore.Platforms (>= 1.1.1)
      Microsoft.NETCore.Targets (>= 1.1.3)
    System.Runtime.CompilerServices.Unsafe (6.0)
    System.Runtime.Extensions (4.3.1)
      Microsoft.NETCore.Platforms (>= 1.1.1)
      Microsoft.NETCore.Targets (>= 1.1.3)
      System.Runtime (>= 4.3.1)
    System.Text.Encoding (4.3)
      Microsoft.NETCore.Platforms (>= 1.1)
      Microsoft.NETCore.Targets (>= 1.1)
      System.Runtime (>= 4.3)
    System.Text.Encoding.CodePages (5.0)
      Microsoft.NETCore.Platforms (>= 5.0)
      System.Runtime.CompilerServices.Unsafe (>= 5.0)
    System.Text.Encodings.Web (6.0)
      System.Runtime.CompilerServices.Unsafe (>= 6.0)
    System.Text.Json (6.0.5)
      System.Runtime.CompilerServices.Unsafe (>= 6.0)
      System.Text.Encodings.Web (>= 6.0)
    System.Threading (4.3)
      System.Runtime (>= 4.3)
      System.Threading.Tasks (>= 4.3)
    System.Threading.Tasks (4.3)
      Microsoft.NETCore.Platforms (>= 1.1)
      Microsoft.NETCore.Targets (>= 1.1)
      System.Runtime (>= 4.3)
    Triangle (0.0.6-beta3)
      NETStandard.Library (>= 1.5.0-rc2-24027)
    Ultz.Native.GLFW (3.3.3.1)
    Uncodium.Eigensystems (1.1.2)
      Aardvark.Base (>= 5.1 < 6.0)
    Uncodium.SimpleStore (3.0.13)
      Microsoft.Bcl.AsyncInterfaces (>= 6.0 < 6.1)
      System.Memory (>= 4.5.5 < 4.6)
    Unofficial.laszip.netstandard (2.2.1)
    Unofficial.LibTessDotNet (2.0.2)
    Unofficial.OpenTK (3.0.20)
    Unofficial.OpenVR (1.1)
    Unofficial.Typography (0.1)
      System.Numerics.Vectors (>= 4.5)
    XmpCore (6.1.10.1)
  remote: https://vrvis.myget.org/F/aardvark/api/v3/index.json
    VRVis.Vgm.Api (5.2.23)
      Aardvark.Base (>= 5.2 < 5.3)
      Aardvark.Data.Durable (>= 0.3.1 < 0.4)
      Aardvark.Data.E57 (>= 5.2 < 5.3)
      Aardvark.Data.Points.Ascii (>= 5.2 < 5.3)
      Aardvark.Data.Points.LasZip (>= 5.2 < 5.3)
      Aardvark.Geometry (>= 5.2 < 5.3)
      Aardvark.Geometry.PointSet (>= 5.2 < 5.3)
      Aardvark.Geometry.PointTree (>= 5.2 < 5.3)
      Aardvark.Geometry.Quadtree (>= 0.4 < 0.5)
      Aardvark.Reconstruction (>= 0.1.10 < 0.2)
      Aardvark.Rendering.PointSet (>= 5.2 < 5.3)
      Aardvark.Rendering.Text (>= 5.2 < 5.3)
      Aardvark.SceneGraph (>= 5.2 < 5.3)
      FSharp.Core (>= 5.0)
      FSharp.Data.Adaptive (>= 1.2.2 < 1.3)
      Triangle (>= 0.0.6-beta3 < 0.1.0-beta)
      Uncodium.SimpleStore (>= 3.0.9 < 3.1)
